PATH
  remote: .
  specs:
    fog-linode (0.0.1.pre)
      fog-core (~> 1.43)
      fog-json (~> 1.0.2)

GEM
  remote: https://rubygems.org/
  specs:
    builder (3.2.3)
    docile (1.3.1)
    excon (0.64.0)
    fog-core (1.45.0)
      builder
      excon (~> 0.58)
      formatador (~> 0.2)
    fog-json (1.0.2)
      fog-core (~> 1.0)
      multi_json (~> 1.10)
    formatador (0.2.5)
    json (2.2.0)
    minitest (5.11.3)
    multi_json (1.13.1)
    rake (10.5.0)
    simplecov (0.16.1)
      docile (~> 1.1)
      json (>= 1.8, < 3)
      simplecov-html (~> 0.10.0)
    simplecov-html (0.10.2)

PLATFORMS
  ruby

DEPENDENCIES
  bundler (~> 1.16)
  fog-linode!
  minitest (~> 5.0)
  rake (~> 10.0)
  simplecov

BUNDLED WITH
   1.16.6
